GEM
  remote: https://rubygems.org/
  specs:
    domain_name (0.5.20170404)
      unf (>= 0.0.5, < 1.0.0)
    dotenv (2.2.1)
    http-cookie (1.0.3)
      domain_name (~> 0.5)
    kgio (2.11.0)
    mime-types (3.1)
      mime-types-data (~> 3.2015)
    mime-types-data (3.2016.0521)
    mustermann (1.0.1)
    netrc (0.11.0)
    rack (2.0.3)
    rack-protection (2.0.0)
      rack
    raindrops (0.19.0)
    rest-client (2.0.2)
      http-cookie (>= 1.0.2, < 2.0)
      mime-types (>= 1.16, < 4.0)
      netrc (~> 0.8)
    sinatra (2.0.0)
      mustermann (~> 1.0)
      rack (~> 2.0)
      rack-protection (= 2.0.0)
      tilt (~> 2.0)
    tilt (2.0.8)
    unf (0.1.4)
      unf_ext
    unf_ext (0.0.7.4)
    unicorn (5.3.1)
      kgio (~> 2.6)
      raindrops (~> 0.7)

PLATFORMS
  ruby

DEPENDENCIES
  dotenv
  rest-client
  sinatra
  unicorn

BUNDLED WITH
   1.15.4
